PATH
  remote: .
  specs:
    jekyll_aspec (1.0.6)
      asciidoctor (>= 1.5.0)

GEM
  remote: https://rubygems.org/
  specs:
    asciidoctor (1.5.6.1)
    bundler-audit (0.6.0)
      bundler (~> 1.2)
      thor (~> 0.18)
    power_assert (1.1.1)
    rake (12.2.1)
    test-unit (3.2.6)
      power_assert
    thor (0.20.0)

PLATFORMS
  ruby

DEPENDENCIES
  bundler (>= 1.15.4)
  bundler-audit (>= 0.6.0)
  jekyll_aspec!
  rake (>= 12.1.0)
  test-unit (>= 3.2.6)

BUNDLED WITH
   1.16.0.pre.3
