PATH
  remote: .
  specs:
    jekyll_aspec (1.0.7)
      asciidoctor (>= 1.5.0)

GEM
  remote: https://rubygems.org/
  specs:
    asciidoctor (1.5.6.1)
    power_assert (1.1.1)
    rake (12.2.1)
    test-unit (3.2.6)
      power_assert

PLATFORMS
  ruby

DEPENDENCIES
  bundler (>= 1.15.4)
  jekyll_aspec!
  rake (>= 12.1.0)
  test-unit (>= 3.2.6)

BUNDLED WITH
   1.16.0
